NUGET
  remote: https://www.nuget.org/api/v2
    FAKE (4.35.1)
    FSharp.Compiler.Service (2.0.0.6)
    FSharp.Formatting (2.14.4)
      FSharp.Compiler.Service (2.0.0.6)
      FSharpVSPowerTools.Core (>= 2.3 < 2.4)
    FSharpVSPowerTools.Core (2.3)
      FSharp.Compiler.Service (>= 2.0.0.3)
    Microsoft.Bcl (1.1.10) - restriction: || (== net10) (== net11) (== net20) (== net30) (== net35) (== net40)
      Microsoft.Bcl.Build (>= 1.0.14)
    Microsoft.Bcl.Build (1.0.21) - import_targets: false, restriction: || (== net10) (== net11) (== net20) (== net30) (== net35) (== net40)
    Microsoft.Net.Http (2.2.29) - restriction: || (== net10) (== net11) (== net20) (== net30) (== net35) (== net40)
      Microsoft.Bcl (>= 1.1.10)
      Microsoft.Bcl.Build (>= 1.0.14)
    NuGet.CommandLine (3.4.3)
    NUnit (2.6.4)
    NUnit.Runners (2.6.4)
    Octokit (0.20)
      Microsoft.Net.Http  - restriction: || (== net10) (== net11) (== net20) (== net30) (== net35) (== net40)
    SourceLink.Fake (1.1)
GITHUB
  remote: fsharp/FAKE
    modules/Octokit/Octokit.fsx (fed01fd06a3838b924aca6d3db0ab89813dea2eb)
      Octokit (>= 0.20)